GEM
  specs:
    activesupport (4.2.5.2)
      i18n (~> 0.7)
      json (~> 1.7, >= 1.7.7)
      minitest (~> 5.1)
      thread_safe (~> 0.3, >= 0.3.4)
      tzinfo (~> 1.1)
    i18n (0.7.0)
    json (1.8.3)
    minitest (5.8.4)
    prometheus (0.1.4)
      activesupport
      settingslogic
      thor
    prometheus-client (0.5.0)
      quantile (~> 0.2.0)
    quantile (0.2.0)
    rack (1.6.4)
    settingslogic (2.0.9)
    thor (0.19.1)
    thread_safe (0.3.5)
    tzinfo (1.2.2)
      thread_safe (~> 0.1)

PLATFORMS
  ruby

DEPENDENCIES
  prometheus
  prometheus-client
  rack

BUNDLED WITH
   1.11.2
